GEM
  remote: https://rubygems.org/
  specs:
    awesome_print (1.6.1)
    gosu (0.10.5)

PLATFORMS
  ruby

DEPENDENCIES
  awesome_print
  gosu

BUNDLED WITH
   1.10.6
